GEM
  remote: https://rubygems.org/
  specs:
    array_include_methods (1.4.0)
    builder (3.2.4)
    chunky_png (1.4.0)
    color (1.8)
    csv (3.2.2)
    date (3.3.3)
    equalizer (0.0.11)
    facets (3.1.0)
    fileutils (1.6.0)
    glimmer (2.6.0)
      array_include_methods (~> 1.4.0)
      facets (>= 3.1.0, < 4.0.0)
    glimmer-dsl-libui (0.5.5)
      chunky_png (~> 1.4.0)
      color (~> 1.8)
      equalizer (= 0.0.11)
      glimmer (~> 2.6.0)
      libui (~> 0.0.15)
      os (>= 1.0.0, < 2.0.0)
      perfect-shape (~> 1.0.1)
    libui (0.0.15)
    mini_portile2 (2.8.1)
    nokogiri (1.13.3)
      mini_portile2 (~> 2.8.0)
      racc (~> 1.4)
    numpy (0.4.0)
      pycall (>= 1.2.0.beta1)
    open-uri (0.2.0)
      stringio
      time
      uri
    os (1.1.4)
    perfect-shape (1.0.1)
      equalizer (>= 0.0.11, < 1.1.0)
    pycall (1.4.1)
    racc (1.6.0)
    ruby-progressbar (1.11.0)
    ruby-spacy (0.1.4.1)
      numpy (~> 0.4.0)
      pycall (~> 1.4.0)
      terminal-table (~> 3.0.1)
    stringio (3.0.1)
    terminal-table (3.0.2)
      unicode-display_width (>= 1.1.1, < 3)
    time (0.2.2)
      date
    tk (0.4.0)
    unicode-display_width (2.1.0)
    uri (0.11.0)

PLATFORMS
  x86_64-darwin-20
  x86_64-linux

DEPENDENCIES
  builder
  csv
  fileutils
  glimmer-dsl-libui
  nokogiri
  open-uri
  ruby-progressbar
  ruby-spacy
  terminal-table
  tk

BUNDLED WITH
   2.3.4
